GEM
  remote: https://rubygems.org/
  specs:
    ast (2.4.0)
    citrus (3.0.2)
    jaro_winkler (1.5.2)
    mysql2 (0.5.1)
    net-ssh (5.0.2)
    net-ssh-gateway (2.0.0)
      net-ssh (>= 4.0.0)
    parallel (1.12.1)
    parser (2.5.3.0)
      ast (~> 2.4.0)
    powerpack (0.1.2)
    rainbow (3.0.0)
    rake (12.3.3)
    rubocop (0.62.0)
      jaro_winkler (~> 1.5.1)
      parallel (~> 1.10)
      parser (>= 2.5, != 2.5.1.1)
      powerpack (~> 0.1)
      rainbow (>= 2.2.2, < 4.0)
      ruby-progressbar (~> 1.7)
      unicode-display_width (~> 1.4.0)
    ruby-progressbar (1.10.0)
    toml-rb (1.1.1)
      citrus (~> 3.0, > 3.0)
    unicode-display_width (1.4.1)

PLATFORMS
  ruby

DEPENDENCIES
  mysql2
  net-ssh-gateway
  rake
  rubocop
  toml-rb

BUNDLED WITH
   1.17.2
